GEM
  remote: http://rubygems.org/
  specs:
    activemodel (3.0.9)
      activesupport (= 3.0.9)
      builder (~> 2.1.2)
      i18n (~> 0.5.0)
    activesupport (3.0.9)
    adapter (0.5.2)
    addressable (2.2.6)
    archive-tar-minitar (0.5.2)
    awesome_print (0.4.0)
    bcrypt-ruby (2.1.4)
    bson (1.3.1)
    bson_ext (1.3.1)
    builder (2.1.2)
    columnize (0.3.3)
    crack (0.1.8)
    daemons (1.1.4)
    diff-lcs (1.1.2)
    em-http-request (0.3.0)
      addressable (>= 2.0.0)
      escape_utils
      eventmachine (>= 0.12.9)
    em-net-http (0.3.2)
      addressable
      em-http-request (>= 0.2.10)
      em-net-http
      eventmachine (>= 0.12.10)
      rake
    em-resolv-replace (1.1.1)
    em-synchrony (0.2.0)
      eventmachine (>= 0.12.9)
    erubis (2.7.0)
    escape_utils (0.2.3)
    eventmachine (0.12.10)
    faker (0.9.5)
      i18n (~> 0.4)
    ffi (1.0.9)
    gd2-ffij (0.0.3)
    grit (2.4.1)
      diff-lcs (~> 1.1)
      mime-types (~> 1.15)
    http_router (0.8.11)
      rack (>= 1.0.0)
      url_mount (~> 0.2.1)
    httparty (0.7.8)
      crack (= 0.1.8)
    i18n (0.5.0)
    linecache19 (0.5.12)
      ruby_core_source (>= 0.1.4)
    machinist (1.0.6)
    machinist_mongo (1.2.0)
      machinist (~> 1.0.6)
    mail (2.3.0)
      i18n (>= 0.4.0)
      mime-types (~> 1.16)
      treetop (~> 1.4.8)
    mime-types (1.16)
    mongo (1.3.1)
      bson (>= 1.3.1)
    mongo_mapper (0.9.1)
      activemodel (~> 3.0)
      activesupport (~> 3.0)
      plucky (~> 0.3.8)
    nokogiri (1.4.6)
    padrino (0.10.0)
      padrino-admin (= 0.10.0)
      padrino-cache (= 0.10.0)
      padrino-core (= 0.10.0)
      padrino-gen (= 0.10.0)
      padrino-helpers (= 0.10.0)
      padrino-mailer (= 0.10.0)
    padrino-admin (0.10.0)
      padrino-core (= 0.10.0)
      padrino-helpers (= 0.10.0)
    padrino-cache (0.10.0)
      padrino-core (= 0.10.0)
    padrino-core (0.10.0)
      activesupport (~> 3.0.0)
      http_router (~> 0.8.10)
      sinatra (~> 1.2.6)
      thor (~> 0.14.3)
      tilt (~> 1.3.0)
    padrino-gen (0.10.0)
      bundler (~> 1.0.2)
      grit (~> 2.4.1)
      padrino-core (= 0.10.0)
    padrino-helpers (0.10.0)
      i18n (~> 0.5.0)
      padrino-core (= 0.10.0)
    padrino-mailer (0.10.0)
      mail (~> 2.3.0)
      padrino-core (= 0.10.0)
    plucky (0.3.8)
      mongo (~> 1.3)
    polyglot (0.3.1)
    rack (1.3.0)
    rack-fiber_pool (0.9.1)
    rack-flash (0.1.1)
      rack
    rack-test (0.6.0)
      rack (>= 1.0)
    rake (0.9.2)
    riot (0.12.4)
      rr
    riot-mongo_mapper (0.1.0)
      mongo_mapper (~> 0.9.0)
      riot (~> 0.12.3)
    rr (1.0.2)
    ruby-debug-base19 (0.11.25)
      columnize (>= 0.3.1)
      linecache19 (>= 0.5.11)
      ruby_core_source (>= 0.1.4)
    ruby-debug19 (0.11.6)
      columnize (>= 0.3.1)
      linecache19 (>= 0.5.11)
      ruby-debug-base19 (>= 0.11.19)
    ruby_core_source (0.1.5)
      archive-tar-minitar (>= 0.5.2)
    safe_shell (1.0.1)
    sanitize (2.0.2)
      nokogiri (~> 1.4.4)
    sinatra (1.2.6)
      rack (~> 1.1)
      tilt (< 2.0, >= 1.2.2)
    thin (1.2.11)
      daemons (>= 1.0.9)
      eventmachine (>= 0.12.6)
      rack (>= 1.0.0)
    thor (0.14.6)
    tilt (1.3.2)
    to_slug (1.0.8)
    treetop (1.4.9)
      polyglot (>= 0.3.1)
    url_mount (0.2.1)
      rack
    wand (0.4)
      mime-types
      safe_shell (~> 1.0.0)
    watchr (0.7)
    yajl-ruby (0.8.2)

PLATFORMS
  ruby

DEPENDENCIES
  adapter
  awesome_print
  bcrypt-ruby
  bson_ext (>= 1.3.1)
  builder
  em-net-http
  em-resolv-replace
  em-synchrony
  erubis
  eventmachine
  faker
  ffi
  gd2-ffij
  httparty
  machinist_mongo
  mongo (>= 1.3.1)
  mongo_mapper (>= 0.9.1)
  nokogiri
  padrino (= 0.10.0)
  rack-fiber_pool
  rack-flash
  rack-test
  rake
  riot
  riot-mongo_mapper (>= 0.1.0)
  rr
  ruby-debug19
  sanitize
  thin
  to_slug
  wand
  watchr
  yajl-ruby
