GEM
  remote: http://rubygems.org/
  specs:
    activemodel (3.2.22.5)
      activesupport (= 3.2.22.5)
      builder (~> 3.0.0)
    activesupport (3.2.22.5)
      i18n (~> 0.6, >= 0.6.4)
      multi_json (~> 1.0)
    addressable (2.2.7)
    awesome_print (1.0.2)
    bcrypt-ruby (3.0.1)
    bson (1.12.5)
    bson_ext (1.12.5)
      bson (~> 1.12.5)
    builder (3.0.4)
    concurrent-ruby (1.0.5)
    cookiejar (0.3.0)
    crass (1.0.4)
    daemons (1.2.6)
    em-http-request (1.0.1)
      addressable (>= 2.2.3)
      cookiejar
      em-socksify
      eventmachine (>= 1.0.0.beta.4)
      http_parser.rb (>= 0.5.3)
    em-resolv-replace (1.1.2)
    em-socksify (0.1.0)
      eventmachine
    em-synchrony (1.0.0)
      eventmachine (>= 1.0.0.beta.1)
    erubis (2.7.0)
    eventmachine (1.2.7)
    http_parser.rb (0.5.3)
    http_router (0.11.2)
      rack (>= 1.0.0)
      url_mount (~> 0.2.1)
    httparty (0.16.2)
      multi_xml (>= 0.5.2)
    i18n (0.9.5)
      concurrent-ruby (~> 1.0)
    mail (2.7.0)
      mini_mime (>= 0.1.1)
    mime-types (2.99.3)
    mini_mime (1.0.0)
    mini_portile2 (2.3.0)
    moneta (0.7.20)
    mongo (1.12.5)
      bson (= 1.12.5)
    mongo_mapper (0.11.0)
      activemodel (~> 3.0)
      activesupport (~> 3.0)
      plucky (~> 0.4.0)
    multi_json (1.13.1)
    multi_xml (0.6.0)
    mustermann (1.0.2)
    nokogiri (1.8.2)
      mini_portile2 (~> 2.3.0)
    nokogumbo (1.5.0)
      nokogiri
    padrino (0.12.9)
      padrino-admin (= 0.12.9)
      padrino-cache (= 0.12.9)
      padrino-core (= 0.12.9)
      padrino-gen (= 0.12.9)
      padrino-helpers (= 0.12.9)
      padrino-mailer (= 0.12.9)
      padrino-support (= 0.12.9)
    padrino-admin (0.12.9)
      padrino-core (= 0.12.9)
      padrino-helpers (= 0.12.9)
    padrino-cache (0.12.9)
      moneta (~> 0.7.0)
      padrino-core (= 0.12.9)
      padrino-helpers (= 0.12.9)
    padrino-contrib (0.1.13)
    padrino-core (0.12.9)
      activesupport (>= 3.1)
      http_router (~> 0.11.0)
      padrino-support (= 0.12.9)
      rack-protection (>= 1.5.0)
      sinatra (>= 1.4.6)
      thor (~> 0.18)
    padrino-gen (0.12.9)
      bundler (~> 1.0)
      padrino-core (= 0.12.9)
    padrino-helpers (0.12.9)
      i18n (~> 0.6, >= 0.6.7)
      padrino-support (= 0.12.9)
      tilt (>= 1.4.1, < 3)
    padrino-mailer (0.12.9)
      mail (~> 2.5)
      mime-types (< 3)
      padrino-core (= 0.12.9)
    padrino-support (0.12.9)
      activesupport (>= 3.1)
    plucky (0.4.4)
      mongo (~> 1.5)
    rack (2.0.5)
    rack-fiber_pool (0.9.2)
    rack-protection (2.0.3)
      rack
    rack-test (1.0.0)
      rack (>= 1.0, < 3)
    rake (0.9.2.2)
    random_data (1.5.2)
    riot (0.12.5)
      rr
    rr (1.0.4)
    safe_shell (1.0.2)
    sanitize (4.6.5)
      crass (~> 1.0.2)
      nokogiri (>= 1.4.4)
      nokogumbo (~> 1.4)
    sinatra (2.0.3)
      mustermann (~> 1.0)
      rack (~> 2.0)
      rack-protection (= 2.0.3)
      tilt (~> 2.0)
    thin (1.7.2)
      daemons (~> 1.0, >= 1.0.9)
      eventmachine (~> 1.0, >= 1.0.4)
      rack (>= 1, < 3)
    thor (0.20.0)
    tilt (2.0.8)
    to_slug (1.0.8)
    url_mount (0.2.1)
      rack
    wand (0.4)
      mime-types
      safe_shell (~> 1.0.0)
    watchr (0.7)
    yajl-ruby (1.4.0)

PLATFORMS
  ruby

DEPENDENCIES
  awesome_print
  bcrypt-ruby
  bson_ext (>= 1.12.0)
  builder
  em-http-request
  em-resolv-replace
  em-synchrony
  erubis
  eventmachine
  httparty (>= 0.10.0)
  mongo (>= 1.12.3)
  mongo_mapper (= 0.11.0)
  nokogiri (>= 1.8.2)
  padrino (= 0.12.9)
  padrino-contrib (>= 0.1.9)
  rack-fiber_pool
  rack-test (>= 0.6.1)
  rake
  random_data
  riot
  rr
  sanitize (>= 4.6.3)
  sinatra (>= 2.0.2)
  thin (>= 1.3.1)
  to_slug
  wand
  watchr
  yajl-ruby (>= 1.3.1)

BUNDLED WITH
   1.16.1
